GEM
  remote: https://rubygems.org/
  specs:
    addressable (2.6.0)
      public_suffix (>= 2.0.2, < 4.0)
    algoliasearch (1.26.0)
      httpclient (~> 2.8, >= 2.8.3)
      json (>= 1.5.1)
    asciidoctor (1.5.8)
    asciidoctor-csand (0.3.1)
      asciidoctor (~> 1.5.7)
      asciidoctor-iso (>= 0.9.0)
      asciimath
      htmlentities (~> 4.3.4)
      image_size
      isodoc (>= 0.8.0)
      mime-types
      nokogiri
      ruby-jing
      ruby-xslt
      thread_safe
      uuidtools
    asciidoctor-csd (0.4.4)
      asciidoctor-iso (>= 0.9.0)
      isodoc (>= 0.8.0)
    asciidoctor-gb (0.3.2)
      asciidoctor-iso (>= 0.9.0)
      gbbib
      isodoc (>= 0.8.0)
      twitter_cldr
    asciidoctor-iso (0.9.3)
      asciidoctor (~> 1.5.7)
      iso-bib-item (~> 0.1.6)
      isobib (~> 0.1.8)
      isodoc (>= 0.8)
      ruby-jing
    asciidoctor-m3d (0.3.3)
      asciidoctor (~> 1.5.7)
      asciidoctor-iso (>= 0.9.0)
      asciimath
      htmlentities (~> 4.3.4)
      image_size
      isodoc (>= 0.8.0)
      mime-types
      nokogiri
      ruby-jing
      ruby-xslt
      thread_safe
      uuidtools
    asciidoctor-rfc (0.9.2)
      asciidoctor (~> 1.5.7)
      htmlentities (~> 4.3.4)
      nokogiri
      ruby-jing
      thread_safe
    asciidoctor-rsd (0.3.2)
      asciidoctor (~> 1.5.7)
      asciidoctor-iso (>= 0.8.0)
      asciimath
      htmlentities (~> 4.3.4)
      image_size
      isodoc (>= 0.7.0)
      mime-types
      nokogiri
      ruby-jing
      ruby-xslt
      thread_safe
      uuidtools
    asciimath (1.0.8)
    camertron-eprun (1.1.1)
    cldr-plurals-runtime-rb (1.0.1)
    cnccs (0.1.3)
    concurrent-ruby (1.1.5)
    duplicate (1.1.1)
    ffi (1.9.25)
    gb-agencies (0.0.5)
    gbbib (0.1.5)
      cnccs (~> 0.1.1)
      iso-bib-item (~> 0.1.10)
    html2doc (0.8.12)
      asciimath (~> 1.0.7)
      htmlentities (~> 4.3.4)
      image_size
      mime-types
      nokogiri
      thread_safe
      uuidtools
    htmlentities (4.3.4)
    httpclient (2.8.3)
    image_size (2.0.2)
    iso-bib-item (0.1.10)
      duplicate
      isoics (~> 0.1.6)
      nokogiri
    isobib (0.1.10)
      algoliasearch
      iso-bib-item (~> 0.1.10)
    isodoc (0.9.5)
      asciimath
      html2doc (~> 0.8.1)
      htmlentities (~> 4.3.4)
      liquid
      metanorma (~> 0.2.7)
      nokogiri
      rake (~> 12.0)
      roman-numerals
      ruby-xslt
      sassc (~> 1.12.1)
      thread_safe
      uuidtools
    isoics (0.1.7)
    json (2.2.0)
    liquid (4.0.3)
    metanorma (0.2.11)
    metanorma-cli (0.0.3)
      asciidoctor-csand (>= 0.3.0)
      asciidoctor-csd (>= 0.4.0)
      asciidoctor-gb (>= 0.3.0)
      asciidoctor-iso (>= 0.9.1)
      asciidoctor-m3d (>= 0.3.1)
      asciidoctor-rfc (>= 0.9.0)
      asciidoctor-rsd (>= 0.3.0)
      isodoc (>= 0.8.0)
      metanorma (~> 0.2.6)
    mime-types (3.2.2)
      mime-types-data (~> 3.2015)
    mime-types-data (3.2019.0331)
    mini_portile2 (2.4.0)
    nokogiri (1.10.3)
      mini_portile2 (~> 2.4.0)
    optout (0.0.2)
    public_suffix (3.1.1)
    rake (12.3.3)
    rb-fsevent (0.10.3)
    rb-inotify (0.10.0)
      ffi (~> 1.0)
    relaton (0.5.0)
      algoliasearch
      relaton-gb (~> 0.6.0)
      relaton-iec (~> 0.4.0)
      relaton-ietf (~> 0.6.0)
      relaton-iso (~> 0.6.0)
      relaton-iso-bib (~> 0.3.0)
      relaton-itu (~> 0.3.0)
      relaton-nist (~> 0.3.0)
    relaton-bib (0.3.1)
      addressable
      nokogiri (~> 1.10)
    relaton-cli (0.3.0)
      liquid
      relaton (~> 0.5)
      thor
    relaton-gb (0.6.0)
      cnccs (~> 0.1.1)
      gb-agencies (~> 0.0.1)
      relaton-iso-bib (~> 0.3.0)
    relaton-iec (0.4.1)
      addressable
      relaton-iso-bib (~> 0.3.0)
    relaton-ietf (0.6.0)
      relaton-iso-bib (~> 0.3.0)
    relaton-iso (0.6.1)
      relaton-iec (~> 0.4.0)
      relaton-iso-bib (~> 0.3.0)
    relaton-iso-bib (0.3.1)
      isoics (~> 0.1.6)
      relaton-bib (~> 0.3.0)
      ruby_deep_clone (~> 0.8.0)
    relaton-itu (0.3.0)
      relaton-iso-bib (~> 0.3.0)
    relaton-nist (0.3.0)
      relaton-bib (~> 0.3.0)
      rubyzip
    roman-numerals (0.3.0)
    ruby-jing (0.0.1)
      optout (>= 0.0.2)
    ruby-xslt (0.9.10)
    ruby_deep_clone (0.8.0)
    rubyzip (1.2.3)
    sass (3.7.4)
      sass-listen (~> 4.0.0)
    sass-listen (4.0.0)
      rb-fsevent (~> 0.9, >= 0.9.4)
      rb-inotify (~> 0.9, >= 0.9.7)
    sassc (1.12.1)
      ffi (~> 1.9.6)
      sass (>= 3.3.0)
    thor (0.20.3)
    thread_safe (0.3.6)
    twitter_cldr (4.4.4)
      camertron-eprun
      cldr-plurals-runtime-rb (~> 1.0)
      tzinfo
    tzinfo (2.0.0)
      concurrent-ruby (~> 1.0)
    uuidtools (2.1.5)

PLATFORMS
  ruby

DEPENDENCIES
  metanorma-cli
  relaton-cli

BUNDLED WITH
   2.0.2
